GEM
  remote: https://rubygems.org/
  specs:
    ffi (1.9.10)
    jekyll-typogrify (0.3.1)
      titlecase
      typogruby
    jekyll-watch (1.3.1)
      listen (~> 3.0)
    kramdown (1.9.0)
    listen (3.0.6)
      rb-fsevent (>= 0.9.3)
      rb-inotify (>= 0.9.7)
    rb-fsevent (0.9.7)
    rb-inotify (0.9.7)
      ffi (>= 0.5.0)
    rubypants (0.2.0)
    titlecase (0.1.1)
    typogruby (1.0.18)
      rubypants

PLATFORMS
  ruby

DEPENDENCIES
  jekyll-typogrify
  jekyll-watch
  kramdown

BUNDLED WITH
   1.11.2
