GEM
  remote: https://rubygems.org/
  specs:
    jekyll-typogrify (0.2.0)
      titlecase
      typogruby
    rubypants (0.2.0)
    titlecase (0.1.1)
    typogruby (1.0.18)
      rubypants

PLATFORMS
  ruby

DEPENDENCIES
  jekyll-typogrify

BUNDLED WITH
   1.11.2
